PATH
  remote: .
  specs:
    dapr (0.1.0)
      google-protobuf

GEM
  remote: https://rubygems.org/
  specs:
    diff-lcs (1.3)
    google-protobuf (3.11.4)
    rake (10.5.0)
    rspec (3.9.0)
      rspec-core (~> 3.9.0)
      rspec-expectations (~> 3.9.0)
      rspec-mocks (~> 3.9.0)
    rspec-core (3.9.1)
      rspec-support (~> 3.9.1)
    rspec-expectations (3.9.0)
      diff-lcs (>= 1.2.0, < 2.0)
      rspec-support (~> 3.9.0)
    rspec-mocks (3.9.1)
      diff-lcs (>= 1.2.0, < 2.0)
      rspec-support (~> 3.9.0)
    rspec-support (3.9.2)

PLATFORMS
  ruby

DEPENDENCIES
  bundler (~> 1.17)
  dapr!
  rake (~> 10.0)
  rspec (~> 3.0)

BUNDLED WITH
   1.17.3
